GEM
  remote: https://rubygems.org/
  specs:
    rack (2.0.7)
    sinatra (1.0)
      rack (>= 1.0)

PLATFORMS
  ruby

DEPENDENCIES
  sinatra (= 1.0)

BUNDLED WITH
   2.0.2
